PATH
  remote: .
  specs:
    activehistory (6.0.0.2)
      activerecord (>= 6.0.0)
      globalid (~> 0.4.2)

GEM
  remote: http://rubygems.org/
  specs:
    activemodel (7.0.3.1)
      activesupport (= 7.0.3.1)
    activerecord (7.0.3.1)
      activemodel (= 7.0.3.1)
      activesupport (= 7.0.3.1)
    activesupport (7.0.3.1)
      concurrent-ruby (~> 1.0, >= 1.0.2)
      i18n (>= 1.6, < 2)
      minitest (>= 5.1)
      tzinfo (~> 2.0)
    addressable (2.5.2)
      public_suffix (>= 2.0.2, < 4.0)
    ansi (1.5.0)
    builder (3.2.3)
    byebug (10.0.2)
    concurrent-ruby (1.1.10)
    crack (0.4.3)
      safe_yaml (~> 1.0.0)
    docile (1.3.1)
    factory_bot (6.1.0)
      activesupport (>= 5.0.0)
    faker (1.8.7)
      i18n (>= 0.7)
    globalid (0.4.2)
      activesupport (>= 4.2.0)
    hashdiff (0.3.7)
    i18n (1.12.0)
      concurrent-ruby (~> 1.0)
    json (2.1.0)
    metaclass (0.0.4)
    minitest (5.14.2)
    minitest-reporters (1.3.0)
      ansi
      builder
      minitest (>= 5.0)
      ruby-progressbar
    mocha (1.5.0)
      metaclass (~> 0.0.1)
    pg (1.0.0)
    public_suffix (3.0.2)
    rake (12.3.1)
    rdoc (6.0.4)
    ruby-progressbar (1.9.0)
    safe_yaml (1.0.4)
    sdoc (1.0.0)
      rdoc (>= 5.0)
    sdoc-templates-42floors (0.3)
      sdoc
    simplecov (0.16.1)
      docile (~> 1.1)
      json (>= 1.8, < 3)
      simplecov-html (~> 0.10.0)
    simplecov-html (0.10.2)
    tzinfo (2.0.5)
      concurrent-ruby (~> 1.0)
    webmock (3.4.2)
      addressable (>= 2.3.6)
      crack (>= 0.3.2)
      hashdiff

PLATFORMS
  ruby

DEPENDENCIES
  activehistory!
  bundler
  byebug
  factory_bot
  faker
  minitest
  minitest-reporters
  mocha
  pg
  rake
  rdoc
  sdoc
  sdoc-templates-42floors
  simplecov
  webmock

BUNDLED WITH
   1.17.3
