PATH
  remote: .
  specs:
    activehistory (0.2.3)
      activerecord (>= 5.0, < 6)
      arel (>= 7.0, < 9)
      globalid (~> 0.3.7)

GEM
  remote: http://rubygems.org/
  specs:
    activemodel (5.1.0)
      activesupport (= 5.1.0)
    activerecord (5.1.0)
      activemodel (= 5.1.0)
      activesupport (= 5.1.0)
      arel (~> 8.0)
    activesupport (5.1.0)
      concurrent-ruby (~> 1.0, >= 1.0.2)
      i18n (~> 0.7)
      minitest (~> 5.1)
      tzinfo (~> 1.1)
    addressable (2.4.0)
    ansi (1.5.0)
    arel (8.0.0)
    builder (3.2.2)
    byebug (9.0.6)
    concurrent-ruby (1.0.5)
    crack (0.4.3)
      safe_yaml (~> 1.0.0)
    docile (1.1.5)
    factory_girl (4.7.0)
      activesupport (>= 3.0.0)
    faker (1.6.6)
      i18n (~> 0.5)
    globalid (0.3.7)
      activesupport (>= 4.1.0)
    hashdiff (0.3.0)
    i18n (0.8.1)
    json (1.8.3)
    metaclass (0.0.4)
    minitest (5.10.1)
    minitest-reporters (1.1.11)
      ansi
      builder
      minitest (>= 5.0)
      ruby-progressbar
    mocha (1.1.0)
      metaclass (~> 0.0.1)
    pg (0.18.4)
    rake (11.3.0)
    rdoc (4.2.2)
      json (~> 1.4)
    ruby-progressbar (1.8.1)
    safe_yaml (1.0.4)
    sdoc (0.4.1)
      json (~> 1.7, >= 1.7.7)
      rdoc (~> 4.0)
    sdoc-templates-42floors (0.3)
      sdoc
    simplecov (0.12.0)
      docile (~> 1.1.0)
      json (>= 1.8, < 3)
      simplecov-html (~> 0.10.0)
    simplecov-html (0.10.0)
    thread_safe (0.3.6)
    tzinfo (1.2.3)
      thread_safe (~> 0.1)
    webmock (2.1.0)
      addressable (>= 2.3.6)
      crack (>= 0.3.2)
      hashdiff

PLATFORMS
  ruby

DEPENDENCIES
  activehistory!
  bundler
  byebug
  factory_girl
  faker
  minitest
  minitest-reporters
  mocha
  pg
  rake
  rdoc
  sdoc
  sdoc-templates-42floors
  simplecov
  webmock

BUNDLED WITH
   1.14.6
